##TITLE= Parameter file, TopSpin 3.6.2
##JCAMPDX= 5.0
##DATATYPE= Parameter Values
##NPOINTS= 3726	$$ modification sequence number
##ORIGIN= Bruker BioSpin GmbH
##OWNER= nmrsu
$$ 2020-12-17 12:12:44.861 +0100  nmrsu@CZC0399KS1
$$ C:/Bruker/TopSpin3.6.2/conf/instr/spect/specpar
$$ process C:\Bruker\TopSpin3.6.2\prog\mod\hconfserver.exe
##$ANCIEN= (0..7)
0 0 0 0 0 0 0 0
##$BF1= 100.13
##$BF2= 100.13
##$BF3= 100.13
##$DEC= 1
##$DECB= 1
##$DEF19F= yes
##$DEFRSEL= yes
##$HPMOD= (0..7)
0 0 0 0 0 0 0 0
##$HPPRECH= (0..15)
-1 -1 -1 -1 -1 -1 -1 -1 -1 -1 -1 -1 -1 -1 -1 -1
##$HPSELECT= no
##$LOCSW19F= -1
##$LOCSW2H= -1
##$NUC1= 1
##$NUC2= 0
##$NUC3= 0
##$NUC4= 0
##$NUC5= 0
##$NUC6= 0
##$NUC7= 0
##$NUC8= 0
##$NUCARR= (0..123)
600.25 600.25 92.142029682 640.250503935 457.26430344 88.333306215 233.279941493
84.346007533 64.488807145 192.584053935 150.93298255 43.375967793 60.82280428
81.372633143 564.799301028 47.38551174 158.77752975 36.745114088 156.406296148
119.252789968 242.985653855 46.07519 58.811948773 48.954739313 28.009903933
34.826613045 15.374233263 40.396999073 145.811211368 33.839297835 33.848319593
59.846779773 157.88344537 33.92910724 148.797281045 19.434762445 142.421761685
53.638646128 159.159126683 170.493167233 37.556460008 144.068127385 183.05646576
20.938610788 102.778490535 114.476756783 31.319376305 150.38651495 162.106624295
23.095219 57.953795358 196.404525135 26.013766555 29.413438495 55.801028745
146.918210425 39.117848315 39.938804238 135.106226815 27.642418878 30.981117423
19.126648118 27.46804025 24.297033548 27.932831833 127.3459187 133.214532938
131.249194388 131.530555572 196.394290873 213.882634648 223.83701858 143.643288443
77.787700043 157.083876355 189.377488423 120.094934715 166.930641465 49.484135803
78.729642355 59.631578143 66.70535032 79.19878575 84.789160103 183.79655
32.713625 20.1684 25.030425 20.6486 149.22215 65.90745 18.427675 24.190075
144.3001 20.6486 28.93205 128.09335 17.2872 49.760725 105.039584265 28.9380525
68.45251 48.8063275 24.0520175 15.1082925 71.967574 25.008737968 135.2039115
136.566479 13.699691828 46.6118135 10.312295 11.2306775 129.03444596 10.3783225
107.509709055 39.686026958 342.882008 346.247237595 125.575895498 96.45590122
11.0530035 21.789075 100
##$NUCOFFS= (0..127)
<2H> <> <> <> <> <> <> <> <> <> <> <> <> <> <> <> <> <> <> <> <> <> <>
<> <> <> <> <> <> <> <> <> <> <> <> <> <> <> <> <> <> <> <> <> <> <> <>
<> <> <> <> <> <> <> <> <> <> <> <> <> <> <> <> <> <> <> <> <> <> <> <>
<> <> <> <> <> <> <> <> <> <> <> <> <> <> <> <> <> <> <> <> <> <> <> <>
<> <> <> <> <> <> <> <> <> <> <> <> <> <> <> <> <> <> <> <> <> <> <> <>
<> <> <> <> <> <> <> <> <>
##$OBS= 1
##$OFFS= (0..127)
0 0 0 0 0 0 0 0 0 0 0 0 0 0 0 0 0 0 0 0 0 0 0 0 0 0 0 0 0 0 0 0 0 0 0 0
0 0 0 0 0 0 0 0 0 0 0 0 0 0 0 0 0 0 0 0 0 0 0 0 0 0 0 0 0 0 0 0 0 0 0 0
0 0 0 0 0 0 0 0 0 0 0 0 0 0 0 0 0 0 0 0 0 0 0 0 0 0 0 0 0 0 0 0 0 0 0 0
0 0 0 0 0 0 0 0 0 0 0 0 0 0 0 0 0 0 0 0
##$OFFSF= (0..7)
0 0 0 0 0 0 0 0
##$OFFSH= (0..7)
0 0 0 0 0 0 0 0
##$OFFSX= (0..7)
0 0 0 0 0 0 0 0
##$OFFSXAS= (0..7)
0 0 0 0 0 0 0 0
##$OFSF1= 0
##$OFSF2= 0
##$OFSH1= 0
##$OFSH2= 0
##$OFSH3= 0
##$OFSX1= 0
##$OFSX2= 0
##$OFSY= 0
##$PACOIL= (0..15)
0 0 0 0 0 0 0 0 0 0 0 0 0 0 0 0
##$PRECHAN= (0..15)
-1 4 -1 0 -1 1 5 -1 -1 -1 -1 -1 -1 -1 -1 -1
##$RECPRE= (0..15)
-1 0 -1 -1 -1 -1 -1 -1 -1 -1 -1 -1 -1 -1 -1 -1
##$RECPRFX= (0..15)
1 0 0 0 0 0 0 0 0 0 0 0 0 0 0 0
##$RECSEL= (0..15)
0 0 0 0 1 0 0 0 0 0 0 0 0 0 0 0
##$SELREC= (0..9)
0 0 0 0 0 0 0 0 0 0
##$SFO1= 600.25282
##$SFO2= 600.25282
##$SFO3= 600.25282
##$SFO4= 600.25282
##$SFO5= 600.25282
##$SFO6= 600.25282
##$SFO7= 600.25282
##$SFO8= 600.25282
##$TY= (0..123)
0 0 0 0 0 0 0 0 0 0 0 0 0 0 0 0 0 0 0 0 0 0 0 0 0 0 0 0 0 0 0 0 0 0 0 0
0 0 0 0 0 0 0 0 0 0 0 0 0 0 0 0 0 0 0 0 0 0 0 0 0 0 0 0 0 0 0 0 0 0 0 0
0 0 0 0 0 0 0 0 0 0 0 0 0 0 0 0 0 0 0 0 0 0 0 0 0 0 0 0 0 0 0 0 0 0 0 0
0 0 0 0 0 0 0 0 0 0 0 0 0 0 0 0
##END=
